PATH
  remote: .
  specs:
    martzens_studio_game (1.0.2)

GEM
  remote: https://rubygems.org/
  specs:
    docile (1.4.1)
    minitest (5.25.5)
    rake (13.2.1)
    simplecov (0.22.0)
      docile (~> 1.1)
      simplecov-html (~> 0.11)
      simplecov_json_formatter (~> 0.1)
    simplecov-html (0.13.1)
    simplecov_json_formatter (0.1.4)

PLATFORMS
  arm64-darwin-24
  ruby

DEPENDENCIES
  martzens_studio_game!
  minitest (~> 5.0)
  rake (~> 13.0)
  simplecov (~> 0.22.0)

BUNDLED WITH
   2.6.7
